RESTRICTION: >= net461
NUGET
  remote: https://www.nuget.org/api/v2
    FAKE (4.64.13)
    FSharp.Core (4.3.4)
    Suave (2.4)
      FSharp.Core (>= 4.0 < 5.0)
    Suave.Experimental (2.4)
      FSharp.Core (>= 4.0 < 5.0)
      Suave (>= 2.0 < 3.0)
